GEM
  remote: http://rubygems.org/
  specs:
    addressable (2.2.6)
    data_objects (0.10.7)
      addressable (~> 2.1)
    dm-core (1.2.0)
      addressable (~> 2.2.6)
    dm-do-adapter (1.2.0)
      data_objects (~> 0.10.6)
      dm-core (~> 1.2.0)
    dm-migrations (1.2.0)
      dm-core (~> 1.2.0)
    dm-postgres-adapter (1.2.0)
      dm-do-adapter (~> 1.2.0)
      do_postgres (~> 0.10.6)
    dm-serializer (1.2.1)
      dm-core (~> 1.2.0)
      fastercsv (~> 1.5.4)
      json (~> 1.6.1)
      json_pure (~> 1.6.1)
      multi_json (~> 1.0.3)
    dm-timestamps (1.2.0)
      dm-core (~> 1.2.0)
    do_postgres (0.10.7)
      data_objects (= 0.10.7)
    fastercsv (1.5.4)
    heroku (2.14.0)
      launchy (>= 0.3.2)
      rest-client (~> 1.6.1)
      rubyzip
      term-ansicolor (~> 1.0.5)
    json (1.6.1)
    json_pure (1.6.1)
    launchy (2.0.5)
      addressable (~> 2.2.6)
    mime-types (1.17.2)
    multi_json (1.0.3)
    newrelic_rpm (3.3.0)
    nokogiri (1.5.0)
    rack (1.3.5)
    rack-protection (1.1.4)
      rack
    rest-client (1.6.7)
      mime-types (>= 1.16)
    rubyzip (0.9.4)
    sinatra (1.3.1)
      rack (~> 1.3, >= 1.3.4)
      rack-protection (~> 1.1, >= 1.1.2)
      tilt (~> 1.3, >= 1.3.3)
    term-ansicolor (1.0.7)
    tilt (1.3.3)

PLATFORMS
  ruby

DEPENDENCIES
  dm-core
  dm-migrations
  dm-postgres-adapter
  dm-serializer
  dm-timestamps
  heroku
  newrelic_rpm
  nokogiri
  sinatra (>= 1.0)
